PATH
  remote: .
  specs:
    hiki2md (0.1.0)

GEM
  remote: https://rubygems.org/
  specs:
    rake (13.0.6)

PLATFORMS
  x86_64-darwin-21

DEPENDENCIES
  hiki2md!
  rake (~> 13.0)

BUNDLED WITH
   2.4.0.dev
